GEM
  remote: https://rubygems.org/
  specs:
    async (1.30.3)
      console (~> 1.10)
      nio4r (~> 2.3)
      timers (~> 4.1)
    async-http (0.60.1)
      async (>= 1.25)
      async-io (>= 1.28)
      async-pool (>= 0.2)
      protocol-http (~> 0.24.0)
      protocol-http1 (~> 0.15.0)
      protocol-http2 (~> 0.15.0)
      traces (>= 0.8.0)
    async-io (1.34.3)
      async
    async-pool (0.3.12)
      async (>= 1.25)
    aws-eventstream (1.2.0)
    aws-partitions (1.665.0)
    aws-sdk-cloudwatchlogs (1.53.0)
      aws-sdk-core (~> 3, >= 3.127.0)
      aws-sigv4 (~> 1.1)
    aws-sdk-core (3.168.1)
      aws-eventstream (~> 1, >= 1.0.2)
      aws-partitions (~> 1, >= 1.651.0)
      aws-sigv4 (~> 1.5)
      jmespath (~> 1, >= 1.6.1)
    aws-sdk-kms (1.58.0)
      aws-sdk-core (~> 3, >= 3.127.0)
      aws-sigv4 (~> 1.1)
    aws-sdk-s3 (1.116.0)
      aws-sdk-core (~> 3, >= 3.127.0)
      aws-sdk-kms (~> 1)
      aws-sigv4 (~> 1.4)
    aws-sdk-sqs (1.51.1)
      aws-sdk-core (~> 3, >= 3.127.0)
      aws-sigv4 (~> 1.1)
    aws-sigv4 (1.5.2)
      aws-eventstream (~> 1, >= 1.0.2)
    azure-loganalytics-datacollector-api (0.5.0)
      rest-client
    concurrent-ruby (1.1.10)
    connection_pool (2.3.0)
    console (1.16.2)
      fiber-local
    cool.io (1.7.1)
    digest-crc (0.6.4)
      rake (>= 12.0.0, < 14.0.0)
    domain_name (0.5.20190701)
      unf (>= 0.0.5, < 1.0.0)
    elastic-transport (8.1.0)
      faraday (< 3)
      multi_json
    elasticsearch (8.4.0)
      elastic-transport (~> 8)
      elasticsearch-api (= 8.4.0)
    elasticsearch-api (8.4.0)
      multi_json
    ethon (0.15.0)
      ffi (>= 1.15.0)
    excon (0.94.0)
    faraday (1.10.2)
      faraday-em_http (~> 1.0)
      faraday-em_synchrony (~> 1.0)
      faraday-excon (~> 1.1)
      faraday-httpclient (~> 1.0)
      faraday-multipart (~> 1.0)
      faraday-net_http (~> 1.0)
      faraday-net_http_persistent (~> 1.0)
      faraday-patron (~> 1.0)
      faraday-rack (~> 1.0)
      faraday-retry (~> 1.0)
      ruby2_keywords (>= 0.0.4)
    faraday-em_http (1.0.0)
    faraday-em_synchrony (1.0.0)
    faraday-excon (1.1.0)
    faraday-httpclient (1.0.1)
    faraday-multipart (1.0.4)
      multipart-post (~> 2)
    faraday-net_http (1.0.1)
    faraday-net_http_persistent (1.2.0)
    faraday-patron (1.0.0)
    faraday-rack (1.0.0)
    faraday-retry (1.0.3)
    faraday_middleware-aws-sigv4 (0.6.1)
      aws-sigv4 (~> 1.0)
      faraday (>= 1.8, < 2)
    ffi (1.15.5)
    fiber-local (1.0.0)
    fluent-config-regexp-type (1.0.0)
      fluentd (> 1.0.0, < 2)
    fluent-plugin-azure-loganalytics (0.7.0)
      azure-loganalytics-datacollector-api (>= 0.5.0)
      fluentd (>= 0.14.15, < 2)
      rest-client
      yajl-ruby
    fluent-plugin-azurestorage-gen2 (0.3.3)
      concurrent-ruby (~> 1.1, >= 1.1.5)
      fluentd (>= 1.0, < 2)
      json (~> 2.1, >= 2.1.0)
      typhoeus (~> 1.0, >= 1.0.1)
      uuidtools (~> 2.1, >= 2.1.5)
      yajl-ruby (~> 1.4)
    fluent-plugin-cloudwatch-logs (0.14.3)
      aws-sdk-cloudwatchlogs (~> 1.0)
      fluentd (>= 1.8.0)
    fluent-plugin-concat (2.5.0)
      fluentd (>= 0.14.0, < 2)
    fluent-plugin-datadog (0.14.2)
      fluentd (>= 1, < 2)
      net-http-persistent (~> 4.0.1)
    fluent-plugin-elasticsearch (5.2.4)
      elasticsearch
      excon
      faraday (~> 1.10)
      fluentd (>= 0.14.22)
    fluent-plugin-grafana-loki (1.2.18)
      fluentd (>= 1.9.3, < 2)
    fluent-plugin-kafka (0.18.1)
      fluentd (>= 0.10.58, < 2)
      ltsv
      ruby-kafka (>= 1.4.0, < 2)
    fluent-plugin-opensearch (1.0.9)
      aws-sdk-core (~> 3)
      excon
      faraday (~> 1.10)
      faraday_middleware-aws-sigv4
      fluentd (>= 0.14.22)
      opensearch-ruby
    fluent-plugin-prometheus (2.0.3)
      fluentd (>= 1.9.1, < 2)
      prometheus-client (>= 2.1.0)
    fluent-plugin-record-modifier (2.1.1)
      fluentd (>= 1.0, < 2)
    fluent-plugin-rewrite-tag-filter (2.4.0)
      fluent-config-regexp-type
      fluentd (>= 0.14.2, < 2)
    fluent-plugin-route (1.0.0)
      fluentd (>= 0.14.0)
    fluent-plugin-s3 (1.7.2)
      aws-sdk-s3 (~> 1.60)
      aws-sdk-sqs (~> 1.23)
      fluentd (>= 0.14.22, < 2)
    fluent-plugin-sqs (3.0.0)
      aws-sdk-sqs (~> 1)
      fluentd (>= 0.12.0, < 2)
      yajl-ruby (~> 1.0)
    fluentd (1.15.3)
      bundler
      cool.io (>= 1.4.5, < 2.0.0)
      http_parser.rb (>= 0.5.1, < 0.9.0)
      msgpack (>= 1.3.1, < 2.0.0)
      serverengine (>= 2.3.0, < 3.0.0)
      sigdump (~> 0.2.2)
      strptime (>= 0.2.4, < 1.0.0)
      tzinfo (>= 1.0, < 3.0)
      tzinfo-data (~> 1.0)
      webrick (>= 1.4.2, < 1.8.0)
      yajl-ruby (~> 1.0)
    http-accept (1.7.0)
    http-cookie (1.0.5)
      domain_name (~> 0.5)
    http_parser.rb (0.8.0)
    jmespath (1.6.1)
    json (2.6.3)
    libxml-ruby (4.0.0)
    ltsv (0.1.2)
    mime-types (3.4.1)
      mime-types-data (~> 3.2015)
    mime-types-data (3.2022.0105)
    msgpack (1.6.0)
    multi_json (1.15.0)
    multipart-post (2.2.3)
    net-http-persistent (4.0.1)
      connection_pool (~> 2.2)
    netrc (0.11.0)
    nio4r (2.5.8)
    oj (3.14.0)
    opensearch-api (2.0.2)
      multi_json
    opensearch-ruby (2.0.3)
      opensearch-api (= 2.0.2)
      opensearch-transport (~> 2.0.0)
    opensearch-transport (2.0.1)
      faraday (>= 1.0, < 3)
      multi_json
    prometheus-client (4.0.0)
    protocol-hpack (1.4.2)
    protocol-http (0.24.0)
    protocol-http1 (0.15.0)
      protocol-http (~> 0.22)
    protocol-http2 (0.15.0)
      protocol-hpack (~> 1.4)
      protocol-http (~> 0.18)
    rake (13.0.6)
    rest-client (2.1.0)
      http-accept (>= 1.7.0, < 2.0)
      http-cookie (>= 1.0.2, < 2.0)
      mime-types (>= 1.16, < 4.0)
      netrc (~> 0.8)
    ruby-kafka (1.5.0)
      digest-crc
    ruby2_keywords (0.0.5)
    serverengine (2.3.0)
      sigdump (~> 0.2.2)
    sigdump (0.2.4)
    strptime (0.2.5)
    timers (4.3.5)
    traces (0.8.0)
    typhoeus (1.4.0)
      ethon (>= 0.9.0)
    tzinfo (2.0.5)
      concurrent-ruby (~> 1.0)
    tzinfo-data (1.2022.6)
      tzinfo (>= 1.0.0)
    unf (0.1.4)
      unf_ext
    unf_ext (0.0.8.2)
    uuidtools (2.2.0)
    webrick (1.7.0)
    yajl-ruby (1.4.3)

PLATFORMS
  aarch64-linux-musl
  x86_64-linux
  x86_64-linux-musl

DEPENDENCIES
  async (= 1.30.3)
  async-http (= 0.60.1)
  fluent-plugin-azure-loganalytics (= 0.7.0)
  fluent-plugin-azurestorage-gen2 (= 0.3.3)
  fluent-plugin-cloudwatch-logs (= 0.14.3)
  fluent-plugin-concat (= 2.5.0)
  fluent-plugin-datadog (= 0.14.2)
  fluent-plugin-elasticsearch (= 5.2.4)
  fluent-plugin-grafana-loki (= 1.2.18)
  fluent-plugin-kafka (= 0.18.1)
  fluent-plugin-opensearch (= 1.0.9)
  fluent-plugin-prometheus (= 2.0.3)
  fluent-plugin-record-modifier (= 2.1.1)
  fluent-plugin-rewrite-tag-filter (= 2.4.0)
  fluent-plugin-route (= 1.0.0)
  fluent-plugin-s3 (= 1.7.2)
  fluent-plugin-sqs (= 3.0.0)
  fluentd (= 1.15.3)
  json (= 2.6.3)
  libxml-ruby (= 4.0.0)
  oj (= 3.14.0)

BUNDLED WITH
   2.3.7
