GEM
  remote: https://rubygems.org/
  specs:
    async (1.32.1)
      console (~> 1.10)
      nio4r (~> 2.3)
      timers (~> 4.1)
    async-http (0.64.0)
      async (>= 1.25)
      async-io (>= 1.28)
      async-pool (>= 0.2)
      protocol-http (~> 0.26.0)
      protocol-http1 (~> 0.18.0)
      protocol-http2 (~> 0.16.0)
      traces (>= 0.10.0)
    async-io (1.42.0)
      async
    async-pool (0.4.0)
      async (>= 1.25)
    aws-eventstream (1.2.0)
    aws-partitions (1.808.0)
    aws-sdk-cloudwatchlogs (1.53.0)
      aws-sdk-core (~> 3, >= 3.127.0)
      aws-sigv4 (~> 1.1)
    aws-sdk-core (3.180.3)
      aws-eventstream (~> 1, >= 1.0.2)
      aws-partitions (~> 1, >= 1.651.0)
      aws-sigv4 (~> 1.5)
      jmespath (~> 1, >= 1.6.1)
    aws-sdk-kms (1.58.0)
      aws-sdk-core (~> 3, >= 3.127.0)
      aws-sigv4 (~> 1.1)
    aws-sdk-s3 (1.116.0)
      aws-sdk-core (~> 3, >= 3.127.0)
      aws-sdk-kms (~> 1)
      aws-sigv4 (~> 1.4)
    aws-sdk-sqs (1.51.1)
      aws-sdk-core (~> 3, >= 3.127.0)
      aws-sigv4 (~> 1.1)
    aws-sigv4 (1.6.0)
      aws-eventstream (~> 1, >= 1.0.2)
    azure-loganalytics-datacollector-api (0.5.0)
      rest-client
    bigdecimal (3.1.4)
    concurrent-ruby (1.2.3)
    connection_pool (2.3.0)
    console (1.23.6)
      fiber-annotation
      fiber-local
      json
    cool.io (1.8.0)
    digest-crc (0.6.5)
      rake (>= 12.0.0, < 14.0.0)
    domain_name (0.5.20190701)
      unf (>= 0.0.5, < 1.0.0)
    elastic-transport (8.3.0)
      faraday (< 3)
      multi_json
    elasticsearch (8.12.0)
      elastic-transport (~> 8.3)
      elasticsearch-api (= 8.12.0)
    elasticsearch-api (8.12.0)
      multi_json
    ethon (0.16.0)
      ffi (>= 1.15.0)
    excon (0.109.0)
    faraday (2.9.0)
      faraday-net_http (>= 2.0, < 3.2)
    faraday-excon (2.1.0)
      excon (>= 0.27.4)
      faraday (~> 2.0)
    faraday-net_http (3.1.0)
      net-http
    faraday_middleware-aws-sigv4 (1.0.1)
      aws-sigv4 (~> 1.0)
      faraday (>= 2.0, < 3)
    ffi (1.15.5)
    fiber-annotation (0.2.0)
    fiber-local (1.0.0)
    fluent-config-regexp-type (1.0.0)
      fluentd (> 1.0.0, < 2)
    fluent-plugin-azure-loganalytics (0.7.0)
      azure-loganalytics-datacollector-api (>= 0.5.0)
      fluentd (>= 0.14.15, < 2)
      rest-client
      yajl-ruby
    fluent-plugin-azurestorage-gen2 (0.3.5)
      concurrent-ruby (~> 1.1, >= 1.1.5)
      fluentd (>= 1.0, < 2)
      json (~> 2.1, >= 2.1.0)
      typhoeus (~> 1.0, >= 1.0.1)
      uuidtools (~> 2.1, >= 2.1.5)
      yajl-ruby (~> 1.4)
    fluent-plugin-cloudwatch-logs (0.14.3)
      aws-sdk-cloudwatchlogs (~> 1.0)
      fluentd (>= 1.8.0)
    fluent-plugin-concat (2.5.0)
      fluentd (>= 0.14.0, < 2)
    fluent-plugin-datadog (0.14.2)
      fluentd (>= 1, < 2)
      net-http-persistent (~> 4.0.1)
    fluent-plugin-elasticsearch (5.4.3)
      elasticsearch
      excon
      faraday (>= 2.0.0)
      faraday-excon (>= 2.0.0)
      fluentd (>= 0.14.22)
    fluent-plugin-grafana-loki (1.2.20)
      fluentd (>= 1.9.3, < 2)
    fluent-plugin-kafka (0.19.2)
      fluentd (>= 0.10.58, < 2)
      ltsv
      ruby-kafka (>= 1.5.0, < 2)
    fluent-plugin-opensearch (1.1.4)
      aws-sdk-core (~> 3)
      excon
      faraday (>= 2.0.0)
      faraday-excon (>= 2.0.0)
      faraday_middleware-aws-sigv4 (~> 1.0.1)
      fluentd (>= 0.14.22)
      opensearch-ruby
    fluent-plugin-prometheus (2.1.0)
      fluentd (>= 1.9.1, < 2)
      prometheus-client (>= 2.1.0)
    fluent-plugin-record-modifier (2.2.0)
      fluentd (>= 1.1, < 2)
    fluent-plugin-rewrite-tag-filter (2.4.0)
      fluent-config-regexp-type
      fluentd (>= 0.14.2, < 2)
    fluent-plugin-route (1.0.0)
      fluentd (>= 0.14.0)
    fluent-plugin-s3 (1.7.2)
      aws-sdk-s3 (~> 1.60)
      aws-sdk-sqs (~> 1.23)
      fluentd (>= 0.14.22, < 2)
    fluent-plugin-sqs (3.0.0)
      aws-sdk-sqs (~> 1)
      fluentd (>= 0.12.0, < 2)
      yajl-ruby (~> 1.0)
    fluentd (1.16.5)
      bundler
      cool.io (>= 1.4.5, < 2.0.0)
      http_parser.rb (>= 0.5.1, < 0.9.0)
      msgpack (>= 1.3.1, < 2.0.0)
      serverengine (>= 2.3.2, < 3.0.0)
      sigdump (~> 0.2.5)
      strptime (>= 0.2.4, < 1.0.0)
      tzinfo (>= 1.0, < 3.0)
      tzinfo-data (~> 1.0)
      webrick (~> 1.4)
      yajl-ruby (~> 1.0)
    http-accept (1.7.0)
    http-cookie (1.0.5)
      domain_name (~> 0.5)
    http_parser.rb (0.8.0)
    jmespath (1.6.2)
    json (2.7.1)
    libxml-ruby (5.0.3)
    ltsv (0.1.2)
    mime-types (3.4.1)
      mime-types-data (~> 3.2015)
    mime-types-data (3.2022.0105)
    msgpack (1.7.2)
    multi_json (1.15.0)
    net-http (0.4.1)
      uri
    net-http-persistent (4.0.1)
      connection_pool (~> 2.2)
    netrc (0.11.0)
    nio4r (2.7.1)
    oj (3.16.3)
      bigdecimal (>= 3.0)
    opensearch-api (2.2.0)
      multi_json
    opensearch-ruby (2.1.0)
      opensearch-api (~> 2.1)
      opensearch-transport (~> 2.0)
    opensearch-transport (2.1.0)
      faraday (>= 1.0, < 3)
      multi_json
    prometheus-client (4.1.0)
    protocol-hpack (1.4.3)
    protocol-http (0.26.1)
    protocol-http1 (0.18.0)
      protocol-http (~> 0.22)
    protocol-http2 (0.16.0)
      protocol-hpack (~> 1.4)
      protocol-http (~> 0.18)
    rake (13.0.6)
    rest-client (2.1.0)
      http-accept (>= 1.7.0, < 2.0)
      http-cookie (>= 1.0.2, < 2.0)
      mime-types (>= 1.16, < 4.0)
      netrc (~> 0.8)
    ruby-kafka (1.5.0)
      digest-crc
    serverengine (2.3.2)
      sigdump (~> 0.2.2)
    sigdump (0.2.5)
    strptime (0.2.5)
    timers (4.3.5)
    traces (0.11.1)
    typhoeus (1.4.0)
      ethon (>= 0.9.0)
    tzinfo (2.0.6)
      concurrent-ruby (~> 1.0)
    tzinfo-data (1.2024.1)
      tzinfo (>= 1.0.0)
    unf (0.1.4)
      unf_ext
    unf_ext (0.0.8.2)
    uri (0.13.0)
    uuidtools (2.2.0)
    webrick (1.8.1)
    yajl-ruby (1.4.3)

PLATFORMS
  aarch64-linux
  aarch64-linux-musl
  x86_64-linux
  x86_64-linux-musl

DEPENDENCIES
  async (= 1.32.1)
  async-http (= 0.64.0)
  fluent-plugin-azure-loganalytics (= 0.7.0)
  fluent-plugin-azurestorage-gen2 (= 0.3.5)
  fluent-plugin-cloudwatch-logs (= 0.14.3)
  fluent-plugin-concat (= 2.5.0)
  fluent-plugin-datadog (= 0.14.2)
  fluent-plugin-elasticsearch (= 5.4.3)
  fluent-plugin-grafana-loki (= 1.2.20)
  fluent-plugin-kafka (= 0.19.2)
  fluent-plugin-opensearch (= 1.1.4)
  fluent-plugin-prometheus (= 2.1.0)
  fluent-plugin-record-modifier (= 2.2.0)
  fluent-plugin-rewrite-tag-filter (= 2.4.0)
  fluent-plugin-route (= 1.0.0)
  fluent-plugin-s3 (= 1.7.2)
  fluent-plugin-sqs (= 3.0.0)
  fluentd (= 1.16.5)
  json (= 2.7.1)
  libxml-ruby (= 5.0.3)
  oj (= 3.16.3)

BUNDLED WITH
   2.3.7
