GEM
  remote: https://rubygems.org/
  specs:
    async (2.23.1)
      console (~> 1.29)
      fiber-annotation
      io-event (~> 1.9)
      metrics (~> 0.12)
      traces (~> 0.15)
    async-http (0.88.0)
      async (>= 2.10.2)
      async-pool (~> 0.9)
      io-endpoint (~> 0.14)
      io-stream (~> 0.6)
      metrics (~> 0.12)
      protocol-http (~> 0.49)
      protocol-http1 (~> 0.30)
      protocol-http2 (~> 0.22)
      traces (~> 0.10)
    async-pool (0.10.3)
      async (>= 1.25)
    aws-eventstream (1.3.1)
    aws-partitions (1.1055.0)
    aws-sdk-cloudwatchlogs (1.107.0)
      aws-sdk-core (~> 3, >= 3.216.0)
      aws-sigv4 (~> 1.5)
    aws-sdk-core (3.219.0)
      aws-eventstream (~> 1, >= 1.3.0)
      aws-partitions (~> 1, >= 1.992.0)
      aws-sigv4 (~> 1.9)
      base64
      jmespath (~> 1, >= 1.6.1)
    aws-sdk-kms (1.99.0)
      aws-sdk-core (~> 3, >= 3.216.0)
      aws-sigv4 (~> 1.5)
    aws-sdk-s3 (1.182.0)
      aws-sdk-core (~> 3, >= 3.216.0)
      aws-sdk-kms (~> 1)
      aws-sigv4 (~> 1.5)
    aws-sdk-sqs (1.93.0)
      aws-sdk-core (~> 3, >= 3.216.0)
      aws-sigv4 (~> 1.5)
    aws-sigv4 (1.11.0)
      aws-eventstream (~> 1, >= 1.0.2)
    azure-loganalytics-datacollector-api (0.5.0)
      rest-client
    base64 (0.2.0)
    bigdecimal (3.1.9)
    concurrent-ruby (1.3.5)
    connection_pool (2.5.0)
    console (1.30.2)
      fiber-annotation
      fiber-local (~> 1.1)
      json
    cool.io (1.9.0)
    csv (3.3.3)
    digest-crc (0.7.0)
      rake (>= 12.0.0, < 14.0.0)
    domain_name (0.6.20240107)
    drb (2.2.1)
    elastic-transport (8.3.5)
      faraday (< 3)
      multi_json
    elasticsearch (8.17.1)
      elastic-transport (~> 8.3)
      elasticsearch-api (= 8.17.1)
    elasticsearch-api (8.17.1)
      multi_json
    ethon (0.16.0)
      ffi (>= 1.15.0)
    excon (1.2.3)
    faraday (2.12.2)
      faraday-net_http (>= 2.0, < 3.5)
      json
      logger
    faraday-excon (2.3.0)
      excon (>= 1.0.0)
      faraday (>= 2.11.0, < 3)
    faraday-net_http (3.4.0)
      net-http (>= 0.5.0)
    faraday_middleware-aws-sigv4 (1.0.1)
      aws-sigv4 (~> 1.0)
      faraday (>= 2.0, < 3)
    ffi (1.17.1-aarch64-linux-gnu)
    ffi (1.17.1-aarch64-linux-musl)
    ffi (1.17.1-x86_64-linux-gnu)
    ffi (1.17.1-x86_64-linux-musl)
    fiber-annotation (0.2.0)
    fiber-local (1.1.0)
      fiber-storage
    fiber-storage (1.0.0)
    fluent-config-regexp-type (1.0.0)
      fluentd (> 1.0.0, < 2)
    fluent-plugin-azure-loganalytics (0.7.0)
      azure-loganalytics-datacollector-api (>= 0.5.0)
      fluentd (>= 0.14.15, < 2)
      rest-client
      yajl-ruby
    fluent-plugin-azurestorage-gen2 (0.3.9)
      concurrent-ruby (~> 1.1, >= 1.1.5)
      fluentd (>= 1.0, < 2)
      json (~> 2.1, >= 2.1.0)
      typhoeus (~> 1.0, >= 1.0.1)
      uuidtools (~> 2.1, >= 2.1.5)
      yajl-ruby (~> 1.4)
    fluent-plugin-cloudwatch-logs (0.14.3)
      aws-sdk-cloudwatchlogs (~> 1.0)
      fluentd (>= 1.8.0)
    fluent-plugin-concat (2.5.0)
      fluentd (>= 0.14.0, < 2)
    fluent-plugin-datadog (0.14.4)
      fluentd (>= 1, < 2)
      net-http-persistent (~> 4.0.1)
    fluent-plugin-elasticsearch (5.4.3)
      elasticsearch
      excon
      faraday (>= 2.0.0)
      faraday-excon (>= 2.0.0)
      fluentd (>= 0.14.22)
    fluent-plugin-grafana-loki (1.2.20)
      fluentd (>= 1.9.3, < 2)
    fluent-plugin-kafka (0.19.4)
      bigdecimal (~> 3.1)
      fluentd (>= 0.10.58, < 2)
      ltsv
      ruby-kafka (>= 1.5.0, < 2)
    fluent-plugin-opensearch (1.1.5)
      aws-sdk-core (~> 3)
      excon
      faraday (>= 2.0.0)
      faraday-excon (>= 2.0.0)
      faraday_middleware-aws-sigv4 (~> 1.0.1)
      fluentd (>= 0.14.22)
      opensearch-ruby (>= 3.0.1)
    fluent-plugin-prometheus (2.2.1)
      fluentd (>= 1.9.1, < 2)
      prometheus-client (>= 2.1.0)
    fluent-plugin-record-modifier (2.2.0)
      fluentd (>= 1.1, < 2)
    fluent-plugin-rewrite-tag-filter (2.4.0)
      fluent-config-regexp-type
      fluentd (>= 0.14.2, < 2)
    fluent-plugin-route (1.0.0)
      fluentd (>= 0.14.0)
    fluent-plugin-s3 (1.8.3)
      aws-sdk-s3 (~> 1.60)
      aws-sdk-sqs (~> 1.23)
      fluentd (>= 0.14.22, < 2)
    fluent-plugin-sqs (3.0.0)
      aws-sdk-sqs (~> 1)
      fluentd (>= 0.12.0, < 2)
      yajl-ruby (~> 1.0)
    fluentd (1.18.0)
      base64 (~> 0.2)
      bundler
      cool.io (>= 1.4.5, < 2.0.0)
      csv (~> 3.2)
      drb (~> 2.2)
      http_parser.rb (>= 0.5.1, < 0.9.0)
      logger (~> 1.6)
      msgpack (>= 1.3.1, < 2.0.0)
      serverengine (>= 2.3.2, < 3.0.0)
      sigdump (~> 0.2.5)
      strptime (>= 0.2.4, < 1.0.0)
      tzinfo (>= 1.0, < 3.0)
      tzinfo-data (~> 1.0)
      webrick (~> 1.4)
      yajl-ruby (~> 1.0)
    http-accept (1.7.0)
    http-cookie (1.0.8)
      domain_name (~> 0.5)
    http_parser.rb (0.8.0)
    io-endpoint (0.15.2)
    io-event (1.10.0)
    io-stream (0.6.1)
    jmespath (1.6.2)
    json (2.10.2)
    logger (1.7.0)
    ltsv (0.1.2)
    metrics (0.12.2)
    mime-types (3.6.0)
      logger
      mime-types-data (~> 3.2015)
    mime-types-data (3.2025.0204)
    msgpack (1.8.0)
    multi_json (1.15.0)
    net-http (0.6.0)
      uri
    net-http-persistent (4.0.5)
      connection_pool (~> 2.2)
    netrc (0.11.0)
    oj (3.16.10)
      bigdecimal (>= 3.0)
      ostruct (>= 0.2)
    opensearch-ruby (3.4.0)
      faraday (>= 1.0, < 3)
      multi_json (>= 1.0)
    ostruct (0.6.1)
    prometheus-client (4.2.4)
      base64
    protocol-hpack (1.5.1)
    protocol-http (0.49.0)
    protocol-http1 (0.31.0)
      protocol-http (~> 0.22)
    protocol-http2 (0.22.1)
      protocol-hpack (~> 1.4)
      protocol-http (~> 0.47)
    rake (13.2.1)
    rest-client (2.1.0)
      http-accept (>= 1.7.0, < 2.0)
      http-cookie (>= 1.0.2, < 2.0)
      mime-types (>= 1.16, < 4.0)
      netrc (~> 0.8)
    ruby-kafka (1.5.0)
      digest-crc
    serverengine (2.4.0)
      base64 (~> 0.1)
      logger (~> 1.4)
      sigdump (~> 0.2.2)
    sigdump (0.2.5)
    strptime (0.2.5)
    traces (0.15.2)
    typhoeus (1.4.1)
      ethon (>= 0.9.0)
    tzinfo (2.0.6)
      concurrent-ruby (~> 1.0)
    tzinfo-data (1.2025.2)
      tzinfo (>= 1.0.0)
    uri (1.0.3)
    uuidtools (2.2.0)
    webrick (1.9.1)
    yajl-ruby (1.4.3)

PLATFORMS
  aarch64-linux
  aarch64-linux-musl
  x86_64-linux
  x86_64-linux-musl

DEPENDENCIES
  async (= 2.23.1)
  async-http (= 0.88.0)
  bundler
  fluent-plugin-azure-loganalytics (= 0.7.0)
  fluent-plugin-azurestorage-gen2 (= 0.3.9)
  fluent-plugin-cloudwatch-logs (= 0.14.3)
  fluent-plugin-concat (= 2.5.0)
  fluent-plugin-datadog (= 0.14.4)
  fluent-plugin-elasticsearch (= 5.4.3)
  fluent-plugin-grafana-loki (= 1.2.20)
  fluent-plugin-kafka (= 0.19.4)
  fluent-plugin-opensearch (= 1.1.5)
  fluent-plugin-prometheus (= 2.2.1)
  fluent-plugin-record-modifier (= 2.2.0)
  fluent-plugin-rewrite-tag-filter (= 2.4.0)
  fluent-plugin-route (= 1.0.0)
  fluent-plugin-s3 (= 1.8.3)
  fluent-plugin-sqs (= 3.0.0)
  fluentd (= 1.18.0)
  oj (= 3.16.10)
  rake

BUNDLED WITH
   2.5.22
